PATH
  remote: .
  specs:
    heartcheck-sidekiq (0.1.1)
      heartcheck (~> 1.0, >= 1.0.0)
      sidekiq (>= 2.0.0)

GEM
  remote: https://rubygems.org/
  specs:
    ast (2.3.0)
    coderay (1.1.0)
    concurrent-ruby (1.0.5)
    connection_pool (2.2.1)
    diff-lcs (1.2.5)
    ffi (1.9.18)
    heartcheck (1.4.0)
      multi_json (~> 1.0)
      net-telnet (~> 0.1.1)
      rack (>= 1.4.0, < 2.1)
      sys-uname (~> 1.0, >= 1.0.3)
    method_source (0.8.2)
    multi_json (1.13.0)
    net-telnet (0.1.1)
    parallel (1.12.1)
    parser (2.4.0.2)
      ast (~> 2.3)
    powerpack (0.1.1)
    pry (0.10.1)
      coderay (~> 1.1.0)
      method_source (~> 0.8.1)
      slop (~> 3.4)
    pry-nav (0.2.4)
      pry (>= 0.9.10, < 0.11.0)
    rack (2.0.3)
    rack-protection (2.0.0)
      rack
    rainbow (2.2.2)
      rake
    rake (12.3.0)
    redcarpet (3.2.2)
    redis (4.0.1)
    rspec (3.1.0)
      rspec-core (~> 3.1.0)
      rspec-expectations (~> 3.1.0)
      rspec-mocks (~> 3.1.0)
    rspec-core (3.1.7)
      rspec-support (~> 3.1.0)
    rspec-expectations (3.1.2)
      diff-lcs (>= 1.2.0, < 2.0)
      rspec-support (~> 3.1.0)
    rspec-mocks (3.1.3)
      rspec-support (~> 3.1.0)
    rspec-support (3.1.2)
    rubocop (0.49.1)
      parallel (~> 1.10)
      parser (>= 2.3.3.1, < 3.0)
      powerpack (~> 0.1)
      rainbow (>= 1.99.1, < 3.0)
      ruby-progressbar (~> 1.7)
      unicode-display_width (~> 1.0, >= 1.0.1)
    ruby-progressbar (1.9.0)
    sidekiq (5.0.5)
      concurrent-ruby (~> 1.0)
      connection_pool (~> 2.2, >= 2.2.0)
      rack-protection (>= 1.5.0)
      redis (>= 3.3.4, < 5)
    slop (3.6.0)
    sys-uname (1.0.3)
      ffi (>= 1.0.0)
    unicode-display_width (1.3.0)
    yard (0.9.12)

PLATFORMS
  ruby

DEPENDENCIES
  heartcheck-sidekiq!
  pry-nav (~> 0.2.0, >= 0.2.4)
  redcarpet (~> 3.2.0, >= 3.2.2)
  rspec (~> 3.1.0, >= 3.1.0)
  rubocop (~> 0.49.0)
  yard (~> 0.9.11)

BUNDLED WITH
   1.16.0
